GEM
  remote: http://rubygems.org/
  specs:
    ffi (1.1.5)
    libnotify (0.8.0)
      ffi (>= 1.0.11)

PLATFORMS
  ruby

DEPENDENCIES
  libnotify
